GEM
  remote: https://rubygems.org/
  specs:
    plist (3.2.0)
    rake (12.3.3)
    rouge (1.11.1)
    xcpretty (0.2.2)
      rouge (~> 1.8)

PLATFORMS
  ruby

DEPENDENCIES
  plist
  rake
  xcpretty

BUNDLED WITH
   2.1.4
